GEM
  remote: https://rubygems.org/
  specs:
    phonelib (0.7.0)

PLATFORMS
  x86_64-linux

DEPENDENCIES
  phonelib

BUNDLED WITH
   2.3.15
